PATH
  remote: .
  specs:
    fake_name_generator (0.0.2)
      json (>= 1.5.1)

GEM
  remote: http://rubygems.org/
  specs:
    diff-lcs (1.1.2)
    fakeweb (1.3.0)
    json (1.5.3)
    rspec (2.5.0)
      rspec-core (~> 2.5.0)
      rspec-expectations (~> 2.5.0)
      rspec-mocks (~> 2.5.0)
    rspec-core (2.5.1)
    rspec-expectations (2.5.0)
      diff-lcs (~> 1.1.2)
    rspec-mocks (2.5.0)

PLATFORMS
  ruby

DEPENDENCIES
  bundler (>= 1.0.7)
  fake_name_generator!
  fakeweb (>= 1.3.0)
  rspec (>= 2.5.0)
